PATH
  remote: .
  specs:
    lp-destinations (0.0.1)
      nokogiri

GEM
  remote: https://rubygems.org/
  specs:
    diff-lcs (1.1.3)
    mini_portile (0.6.0)
    nokogiri (1.6.3.1)
      mini_portile (= 0.6.0)
    rake (10.0.4)
    rspec (2.11.0)
      rspec-core (~> 2.11.0)
      rspec-expectations (~> 2.11.0)
      rspec-mocks (~> 2.11.0)
    rspec-core (2.11.1)
    rspec-expectations (2.11.3)
      diff-lcs (~> 1.1.3)
    rspec-mocks (2.11.3)

PLATFORMS
  ruby

DEPENDENCIES
  lp-destinations!
  rake (~> 10.0.0)
  rspec (~> 2.11.0)
